GEM
  remote: https://rubygems.org/
  specs:
    bson (1.8.2)
    daemons (1.1.9)
    eventmachine (1.0.0)
    eventmachine (1.0.0-java)
    json (1.7.7)
    mongo (1.8.2)
      bson (~> 1.8.2)
    rack (1.5.2)
    rack-protection (1.3.2)
      rack
    sinatra (1.3.5)
      rack (~> 1.4)
      rack-protection (~> 1.3)
      tilt (~> 1.3, >= 1.3.3)
    slim (1.3.6)
      temple (~> 0.5.5)
      tilt (~> 1.3.3)
    temple (0.5.5)
    thin (1.5.0)
      daemons (>= 1.0.9)
      eventmachine (>= 0.12.6)
      rack (>= 1.0.0)
    tilt (1.3.3)

PLATFORMS
  java

DEPENDENCIES
  json
  mongo
  sinatra
  slim
  thin
